GEM
  remote: https://rubygems.org/
  specs:
    faraday (0.8.8)
      multipart-post (~> 1.2.0)
    faraday_middleware (0.9.0)
      faraday (>= 0.7.4, < 0.9)
    mini_portile (0.5.1)
    multipart-post (1.2.0)
    nokogiri (1.6.0)
      mini_portile (~> 0.5.0)
    wayback (0.2.1)
      faraday (~> 0.8, < 0.10)
      faraday_middleware (~> 0.9, < 0.10)

PLATFORMS
  ruby

DEPENDENCIES
  nokogiri
  wayback (= 0.2.1)
